PATH
  remote: .
  specs:
    zip_to_timezone (0.1.0)
      algorithms (>= 0.3)

GEM
  remote: http://rubygems.org/
  specs:
    algorithms (0.4.0)
    diff-lcs (1.1.3)
    json (1.6.6)
    rake (0.9.2.2)
    rdoc (3.12)
      json (~> 1.4)
    rspec (2.9.0)
      rspec-core (~> 2.9.0)
      rspec-expectations (~> 2.9.0)
      rspec-mocks (~> 2.9.0)
    rspec-core (2.9.0)
    rspec-expectations (2.9.1)
      diff-lcs (~> 1.1.3)
    rspec-mocks (2.9.0)

PLATFORMS
  ruby

DEPENDENCIES
  rake (>= 0.9.2)
  rdoc (>= 2.4)
  rspec (>= 2.7.0)
  zip_to_timezone!
