PATH
  remote: .
  specs:
    zip_to_timezone (0.2.0)
      algorithms (~> 0.6.1)

GEM
  remote: https://rubygems.org/
  specs:
    algorithms (0.6.1)
    diff-lcs (1.5.0)
    rake (12.3.3)
    rdoc (6.0.4)
    rspec (3.8.0)
      rspec-core (~> 3.8.0)
      rspec-expectations (~> 3.8.0)
      rspec-mocks (~> 3.8.0)
    rspec-core (3.8.2)
      rspec-support (~> 3.8.0)
    rspec-expectations (3.8.6)
      diff-lcs (>= 1.2.0, < 2.0)
      rspec-support (~> 3.8.0)
    rspec-mocks (3.8.2)
      diff-lcs (>= 1.2.0, < 2.0)
      rspec-support (~> 3.8.0)
    rspec-support (3.8.3)

PLATFORMS
  ruby

DEPENDENCIES
  rake (~> 12.3.2)
  rdoc (~> 6.0.4)
  rspec (~> 3.8.0)
  zip_to_timezone!

BUNDLED WITH
   2.4.12
